GEM
  remote: http://rubygems.org/
  specs:
    foreman (0.36.1)
      term-ansicolor (~> 1.0.7)
      thor (>= 0.13.6)
    hashie (1.2.0)
    oauth (0.4.5)
    term-ansicolor (1.0.7)
    thor (0.14.6)
    userstream (1.2.0)
      hashie (~> 1.2.0)
      oauth (~> 0.4.5)

PLATFORMS
  ruby

DEPENDENCIES
  foreman
  userstream
